PATH
  remote: .
  specs:
    fastlane_plugin_expo (0.1.0)

GEM
  remote: https://rubygems.org/
  specs:
    diff-lcs (1.6.0)
    rake (12.3.3)
    rake-compiler (1.2.9)
      rake
    rspec (3.13.0)
      rspec-core (~> 3.13.0)
      rspec-expectations (~> 3.13.0)
      rspec-mocks (~> 3.13.0)
    rspec-core (3.13.3)
      rspec-support (~> 3.13.0)
    rspec-expectations (3.13.3)
      diff-lcs (>= 1.2.0, < 2.0)
      rspec-support (~> 3.13.0)
    rspec-mocks (3.13.2)
      diff-lcs (>= 1.2.0, < 2.0)
      rspec-support (~> 3.13.0)
    rspec-support (3.13.2)

PLATFORMS
  arm64-darwin-24
  ruby

DEPENDENCIES
  fastlane_plugin_expo!
  rake (~> 12.0)
  rake-compiler
  rspec (~> 3.0)

BUNDLED WITH
   2.6.2
